GEM
  remote: http://rubygems.org/
  specs:
    binding_of_caller (0.6.8)
    celluloid (0.12.3)
      facter (>= 1.6.12)
      timers (>= 1.0.0)
    coderay (1.0.7)
    facter (1.6.14)
    method_source (0.8)
    micro_mock (0.0.8)
    micro_test (0.3.0.rc4)
      celluloid
    pry (0.9.10)
      coderay (~> 1.0.5)
      method_source (~> 0.8)
      slop (~> 3.3.1)
    pry-stack_explorer (0.4.7)
      binding_of_caller (~> 0.6.8)
    slop (3.3.2)
    timers (1.0.1)

PLATFORMS
  ruby

DEPENDENCIES
  micro_mock
  micro_test (= 0.3.0.rc4)
  pry
  pry-stack_explorer
