GEM
  remote: http://rubygems.org/
  specs:
    celluloid (0.12.3)
      facter (>= 1.6.12)
      timers (>= 1.0.0)
    coderay (1.0.8)
    facter (1.6.14)
    method_source (0.8.1)
    micro_mock (0.1.1)
    micro_test (0.3.0)
      celluloid
    pry (0.9.10)
      coderay (~> 1.0.5)
      method_source (~> 0.8)
      slop (~> 3.3.1)
    pry (0.9.10-java)
      coderay (~> 1.0.5)
      method_source (~> 0.8)
      slop (~> 3.3.1)
      spoon (~> 0.0)
    slop (3.3.3)
    spoon (0.0.1)
    timers (1.0.1)

PLATFORMS
  java
  ruby

DEPENDENCIES
  micro_mock (>= 0.0.8)
  micro_test (>= 0.3.0)
  pry
